GEM
  remote: https://rubygems.org/
  specs:
    rugged (1.2.0)

PLATFORMS
  universal-darwin-20

DEPENDENCIES
  rugged

BUNDLED WITH
   2.2.27
